NUGET
  remote: https://www.nuget.org/api/v2
  specs:
    FAKE (4.26)
    FSharp.Formatting.CommandTool (2.14.2)
