NUGET
  remote: https://www.nuget.org/api/v2
  specs:
    FAKE (4.29.2)
    FSharp.Formatting.CommandTool (2.14.4)
