NUGET
  remote: https://www.nuget.org/api/v2
  specs:
    FAKE (4.25.4)
    FSharp.Formatting.CommandTool (2.14)
